NUGET
  remote: https://www.nuget.org/api/v2
    EPPlus (4.1) - framework: >= net452
    FAKE (4.53)
    GitVersion.CommandLine (3.6.5)
    NuGet.CommandLine (3.5)
    xunit.abstractions (2.0.1) - framework: >= net452
    xunit.core (2.2) - framework: >= net452
      xunit.extensibility.core (2.2)
      xunit.extensibility.execution (2.2)
    xunit.extensibility.core (2.2) - framework: >= net452
      xunit.abstractions (>= 2.0.1) - framework: >= net452, >= netstandard11
    xunit.extensibility.execution (2.2) - framework: >= net452
      xunit.extensibility.core (2.2) - framework: >= net452, >= netstandard11
    xunit.runner.console (2.2)
